PATH
  remote: .
  specs:
    verku (0.16.8)
      activesupport (~> 5.0, >= 5.0.0)
      awesome_print (~> 0)
      eeepub (~> 0)
      kramdown
      nokogiri (~> 1.6, >= 1.6.0)
      notifier (~> 0)
      rubyzip (~> 1.0, >= 1.0.0)
      safe_yaml (~> 1.0)
      thor (~> 0.19, >= 0.19.1)
      zip-zip (~> 0)

GEM
  remote: http://rubygems.org/
  specs:
    activesupport (5.1.4)
      concurrent-ruby (~> 1.0, >= 1.0.2)
      i18n (~> 0.7)
      minitest (~> 5.1)
      tzinfo (~> 1.1)
    awesome_print (0.4.0)
    builder (3.2.3)
    concurrent-ruby (1.0.5)
    eeepub (0.8.1)
      builder
      rubyzip
    i18n (0.9.1)
      concurrent-ruby (~> 1.0)
    kramdown (1.15.0)
    mini_portile2 (2.3.0)
    minitest (5.10.3)
    nokogiri (1.8.1)
      mini_portile2 (~> 2.3.0)
    notifier (0.5.2)
    rake (12.1.0)
    rubyzip (1.2.1)
    safe_yaml (1.0.4)
    thor (0.20.0)
    thread_safe (0.3.6)
    tzinfo (1.2.4)
      thread_safe (~> 0.1)
    zip-zip (0.3)
      rubyzip (>= 1.0.0)

PLATFORMS
  ruby

DEPENDENCIES
  bundler (~> 1.12)
  rake
  verku!

BUNDLED WITH
   1.16.0
