PATH
  remote: .
  specs:
    verku (0.12.12)

GEM
  remote: http://rubygems.org/
  specs:
    rake (11.2.2)

PLATFORMS
  ruby

DEPENDENCIES
  bundler (~> 1.12)
  rake
  verku!

BUNDLED WITH
   1.12.5
